GEM
  remote: https://rubygems.org/
  specs:
    coderay (1.1.2)
    concurrent-ruby (1.1.6)
    dry-configurable (0.11.5)
      concurrent-ruby (~> 1.0)
      dry-core (~> 0.4, >= 0.4.7)
      dry-equalizer (~> 0.2)
    dry-container (0.7.2)
      concurrent-ruby (~> 1.0)
      dry-configurable (~> 0.1, >= 0.1.3)
    dry-core (0.4.9)
      concurrent-ruby (~> 1.0)
    dry-equalizer (0.3.0)
    dry-inflector (0.2.0)
    dry-initializer (2.5.0)
    dry-logic (0.6.1)
      concurrent-ruby (~> 1.0)
      dry-core (~> 0.2)
      dry-equalizer (~> 0.2)
    dry-struct (0.4.0)
      dry-core (~> 0.4, >= 0.4.1)
      dry-equalizer (~> 0.2)
      dry-types (~> 0.12, >= 0.12.2)
      ice_nine (~> 0.11)
    dry-types (0.12.3)
      concurrent-ruby (~> 1.0)
      dry-configurable (~> 0.1)
      dry-container (~> 0.3)
      dry-core (~> 0.2, >= 0.2.1)
      dry-equalizer (~> 0.2)
      dry-logic (~> 0.4, >= 0.4.2)
      inflecto (~> 0.0.0, >= 0.0.2)
    ice_nine (0.11.2)
    inflecto (0.0.2)
    method_source (0.9.2)
    pg (1.2.3)
    pry (0.12.2)
      coderay (~> 1.1.0)
      method_source (~> 0.9.0)
    rom (4.2.1)
      rom-changeset (~> 1.0, >= 1.0.2)
      rom-core (~> 4.2, >= 4.2.1)
      rom-repository (~> 2.0, >= 2.0.2)
    rom-changeset (1.0.2)
      dry-core (~> 0.3, >= 0.3.1)
      rom-core (~> 4.0)
      transproc (~> 1.0)
    rom-core (4.2.1)
      concurrent-ruby (~> 1.0)
      dry-container (~> 0.6)
      dry-core (~> 0.3)
      dry-equalizer (~> 0.2)
      dry-inflector (~> 0.1)
      dry-initializer (~> 2.0)
      dry-types (~> 0.12.1)
      rom-mapper (~> 1.2, >= 1.2.1)
    rom-mapper (1.2.1)
      dry-core (~> 0.3, >= 0.3.1)
      dry-equalizer (~> 0.2)
      dry-struct (~> 0.4.0)
      dry-types (~> 0.12.1)
      transproc (~> 1.0)
    rom-repository (2.0.2)
      dry-core (~> 0.3)
      dry-initializer (~> 2.0)
      rom-core (~> 4.0)
    rom-sql (2.5.0)
      dry-core (~> 0.3)
      dry-equalizer (~> 0.2)
      dry-types (~> 0.12, >= 0.12.1)
      rom-core (~> 4.1)
      sequel (>= 4.49)
    sequel (5.31.0)
    time_math2 (0.1.1)
    transproc (1.1.1)

PLATFORMS
  ruby

DEPENDENCIES
  dry-struct (~> 0.4, < 0.5.0)
  dry-types (~> 0.12, < 0.13.0)
  pg
  pry (~> 0.12.2)
  rom (~> 4.0)
  rom-repository (~> 2.0)
  rom-sql (~> 2.5)
  time_math2

BUNDLED WITH
   1.17.3
